PATH
  remote: .
  specs:
    beer_near_here (0.1.0)
      httparty

GEM
  remote: https://rubygems.org/
  specs:
    coderay (1.1.3)
    colorize (0.8.1)
    httparty (0.18.1)
      mime-types (~> 3.0)
      multi_xml (>= 0.5.2)
    method_source (1.0.0)
    mime-types (3.3.1)
      mime-types-data (~> 3.2015)
    mime-types-data (3.2021.0212)
    multi_xml (0.6.0)
    pry (0.14.0)
      coderay (~> 1.1)
      method_source (~> 1.0)
    rake (13.0.3)
    rubysl-cgi (2.0.1)
    rubysl-erb (2.0.2)
    rubysl-net-http (2.0.4)
      rubysl-cgi (~> 2.0)
      rubysl-erb (~> 2.0)
      rubysl-singleton (~> 2.0)
    rubysl-singleton (2.0.0)

PLATFORMS
  ruby
  x86_64-darwin-20

DEPENDENCIES
  beer_near_here!
  bundler
  colorize (~> 0.8.1)
  httparty (~> 0.18.1)
  pry (~> 0.14.0)
  rake (~> 13.0)
  rubysl-net-http (~> 2.0, >= 2.0.4)

BUNDLED WITH
   2.2.0
